GEM
  remote: https://rubygems.org/
  specs:
    asciidoctor (1.5.6.2)
    asciidoctor-diagram (1.5.9)
      asciidoctor (~> 1.5.0)
    asciidoctor-revealjs (1.1.3)
      asciidoctor (~> 1.5.6)
      thread_safe (~> 0.3.5)
    slim (3.0.9)
      temple (>= 0.7.6, < 0.9)
      tilt (>= 1.3.3, < 2.1)
    temple (0.8.0)
    thread_safe (0.3.6)
    tilt (2.0.8)

PLATFORMS
  ruby

DEPENDENCIES
  asciidoctor
  asciidoctor-diagram
  asciidoctor-revealjs
  slim
  tilt

BUNDLED WITH
   1.16.1
